GIT
  remote: https://github.com/jekyll/jekyll-archives.git
  revision: 9d3d3cb0bca5c3c169699676200278c4159091d1
  branch: master
  specs:
    jekyll-archives (2.2.1)
      jekyll (>= 3.6, < 5.0)

GEM
  remote: https://rubygems.org/
  specs:
    activesupport (6.0.3.6)
      concurrent-ruby (~> 1.0, >= 1.0.2)
      i18n (>= 0.7, < 2)
      minitest (~> 5.1)
      tzinfo (~> 1.1)
      zeitwerk (~> 2.2, >= 2.2.2)
    addressable (2.8.0)
      public_suffix (>= 2.0.2, < 5.0)
    algolia_html_extractor (2.6.4)
      json (~> 2.0)
      nokogiri (~> 1.10)
    algoliasearch (1.27.5)
      httpclient (~> 2.8, >= 2.8.3)
      json (>= 1.5.1)
    colorator (1.1.0)
    concurrent-ruby (1.1.8)
    em-websocket (0.5.2)
      eventmachine (>= 0.12.9)
      http_parser.rb (~> 0.6.0)
    eventmachine (1.2.7)
    eventmachine (1.2.7-x64-mingw32)
    faraday (1.4.1)
      faraday-excon (~> 1.1)
      faraday-net_http (~> 1.0)
      faraday-net_http_persistent (~> 1.1)
      multipart-post (>= 1.2, < 3)
      ruby2_keywords (>= 0.0.4)
    faraday-excon (1.1.0)
    faraday-net_http (1.0.1)
    faraday-net_http_persistent (1.1.0)
    ffi (1.15.0)
    ffi (1.15.0-x64-mingw32)
    filesize (0.2.0)
    forwardable-extended (2.6.0)
    gemoji (3.0.1)
    html-pipeline (2.14.0)
      activesupport (>= 2)
      nokogiri (>= 1.4)
    http_parser.rb (0.6.0)
    httpclient (2.8.3)
    i18n (1.8.10)
      concurrent-ruby (~> 1.0)
    jekyll (4.2.0)
      addressable (~> 2.4)
      colorator (~> 1.0)
      em-websocket (~> 0.5)
      i18n (~> 1.0)
      jekyll-sass-converter (~> 2.0)
      jekyll-watch (~> 2.0)
      kramdown (~> 2.3)
      kramdown-parser-gfm (~> 1.0)
      liquid (~> 4.0)
      mercenary (~> 0.4.0)
      pathutil (~> 0.9)
      rouge (~> 3.0)
      safe_yaml (~> 1.0)
      terminal-table (~> 2.0)
    jekyll-algolia (1.6.0)
      algolia_html_extractor (~> 2.6)
      algoliasearch (~> 1.26)
      filesize (~> 0.1)
      jekyll (>= 3.6, < 5.0)
      json (~> 2.0)
      nokogiri (~> 1.6)
      progressbar (~> 1.9)
      verbal_expressions (~> 0.1.5)
    jekyll-feed (0.15.1)
      jekyll (>= 3.7, < 5.0)
    jekyll-gist (1.5.0)
      octokit (~> 4.2)
    jekyll-include-cache (0.2.1)
      jekyll (>= 3.7, < 5.0)
    jekyll-paginate (1.1.0)
    jekyll-sass-converter (2.1.0)
      sassc (> 2.0.1, < 3.0)
    jekyll-seo-tag (2.7.1)
      jekyll (>= 3.8, < 5.0)
    jekyll-sitemap (1.4.0)
      jekyll (>= 3.7, < 5.0)
    jekyll-watch (2.2.1)
      listen (~> 3.0)
    jemoji (0.12.0)
      gemoji (~> 3.0)
      html-pipeline (~> 2.2)
      jekyll (>= 3.0, < 5.0)
    json (2.5.1)
    kramdown (2.3.1)
      rexml
    kramdown-parser-gfm (1.1.0)
      kramdown (~> 2.0)
    liquid (4.0.3)
    listen (3.5.1)
      rb-fsevent (~> 0.10, >= 0.10.3)
      rb-inotify (~> 0.9, >= 0.9.10)
    mercenary (0.4.0)
    minimal-mistakes-jekyll (4.22.0)
      jekyll (>= 3.7, < 5.0)
      jekyll-feed (~> 0.1)
      jekyll-gist (~> 1.5)
      jekyll-include-cache (~> 0.1)
      jekyll-paginate (~> 1.1)
      jekyll-sitemap (~> 1.3)
    minitest (5.14.4)
    multipart-post (2.1.1)
    nokogiri (1.11.3-x64-mingw32)
      racc (~> 1.4)
    nokogiri (1.11.3-x86_64-linux)
      racc (~> 1.4)
    octokit (4.21.0)
      faraday (>= 0.9)
      sawyer (~> 0.8.0, >= 0.5.3)
    pathutil (0.16.2)
      forwardable-extended (~> 2.6)
    progressbar (1.11.0)
    public_suffix (4.0.6)
    racc (1.5.2)
    rb-fsevent (0.10.4)
    rb-inotify (0.10.1)
      ffi (~> 1.0)
    rexml (3.2.5)
    rouge (3.26.0)
    ruby2_keywords (0.0.4)
    safe_yaml (1.0.5)
    sassc (2.4.0)
      ffi (~> 1.9)
    sassc (2.4.0-x64-mingw32)
      ffi (~> 1.9)
    sawyer (0.8.2)
      addressable (>= 2.3.5)
      faraday (> 0.8, < 2.0)
    terminal-table (2.0.0)
      unicode-display_width (~> 1.1, >= 1.1.1)
    thread_safe (0.3.6)
    tzinfo (1.2.9)
      thread_safe (~> 0.1)
    tzinfo-data (1.2021.1)
      tzinfo (>= 1.0.0)
    unicode-display_width (1.7.0)
    verbal_expressions (0.1.5)
    wdm (0.1.1)
    zeitwerk (2.4.2)

PLATFORMS
  x64-mingw32
  x86_64-linux

DEPENDENCIES
  jekyll
  jekyll-algolia
  jekyll-archives!
  jekyll-feed
  jekyll-include-cache
  jekyll-paginate
  jekyll-seo-tag
  jekyll-sitemap
  jemoji
  minimal-mistakes-jekyll
  tzinfo (~> 1.2)
  tzinfo-data
  wdm (~> 0.1.1)

BUNDLED WITH
   2.1.4
